GIT
  remote: git://github.com/jayrbolton/ruby-qx.git
  revision: 128f92018814cd8a1d6d948337d1bdc98aae4532
  specs:
    qx (0.0.1)

GEM
  remote: https://rubygems.org/
  specs:
    activemodel (5.0.0.1)
      activesupport (= 5.0.0.1)
    activerecord (5.0.0.1)
      activemodel (= 5.0.0.1)
      activesupport (= 5.0.0.1)
      arel (~> 7.0)
    activesupport (5.0.0.1)
      concurrent-ruby (~> 1.0, >= 1.0.2)
      i18n (~> 0.7)
      minitest (~> 5.1)
      tzinfo (~> 1.1)
    arel (7.1.1)
    coderay (1.1.1)
    concurrent-ruby (1.0.2)
    i18n (0.7.0)
    method_source (0.8.2)
    minitest (5.9.0)
    pg (0.18.4)
    pry (0.10.4)
      coderay (~> 1.1.0)
      method_source (~> 0.8.1)
      slop (~> 3.4)
    slop (3.6.0)
    thread_safe (0.3.5)
    tzinfo (1.2.2)
      thread_safe (~> 0.1)

PLATFORMS
  ruby

DEPENDENCIES
  activerecord
  pg
  pry
  qx!

RUBY VERSION
   ruby 2.2.2p95

BUNDLED WITH
   1.12.5
